GEM
  remote: http://rubygems.org/
  specs:
    abstract (1.0.0)
    actionmailer (3.0.20)
      actionpack (= 3.0.20)
      mail (~> 2.2.19)
    actionpack (3.0.20)
      activemodel (= 3.0.20)
      activesupport (= 3.0.20)
      builder (~> 2.1.2)
      erubis (~> 2.6.6)
      i18n (~> 0.5.0)
      rack (~> 1.2.5)
      rack-mount (~> 0.6.14)
      rack-test (~> 0.5.7)
      tzinfo (~> 0.3.23)
    activemodel (3.0.20)
      activesupport (= 3.0.20)
      builder (~> 2.1.2)
      i18n (~> 0.5.0)
    activerecord (3.0.20)
      activemodel (= 3.0.20)
      activesupport (= 3.0.20)
      arel (~> 2.0.10)
      tzinfo (~> 0.3.23)
    activeresource (3.0.20)
      activemodel (= 3.0.20)
      activesupport (= 3.0.20)
    activesupport (3.0.20)
    acts_as_indexed (0.8.3)
    archive-tar-minitar (0.5.2)
    arel (2.0.10)
    awesome_nested_set (2.1.6)
      activerecord (>= 3.0.0)
    babosa (0.3.11)
    bcrypt-ruby (3.0.1)
    builder (2.1.2)
    columnize (0.3.6)
    devise (1.4.9)
      bcrypt-ruby (~> 3.0)
      orm_adapter (~> 0.0.3)
      warden (~> 1.0.3)
    dragonfly (0.9.10)
      rack
    erubis (2.6.6)
      abstract (>= 1.0.0)
    friendly_id_globalize3 (3.2.1.6)
      babosa (~> 0.3.0)
    globalize3 (0.3.1)
      activemodel (>= 3.0.0)
      activerecord (>= 3.0.0)
      paper_trail (~> 2)
    i18n (0.5.4)
    json (1.8.6)
    linecache19 (0.5.12)
      ruby_core_source (>= 0.1.4)
    mail (2.2.20)
      activesupport (>= 2.3.6)
      i18n (>= 0.4.0)
      mime-types (~> 1.16)
      treetop (~> 1.4.8)
    mime-types (1.25.1)
    minitest (2.10.1)
    orm_adapter (0.0.6)
    paper_trail (2.7.2)
      activerecord (~> 3.0)
      railties (~> 3.0)
    polyglot (0.3.5)
    rack (1.2.8)
    rack-cache (1.1)
      rack (>= 0.4)
    rack-mount (0.6.14)
      rack (>= 1.0.0)
    rack-test (0.5.7)
      rack (>= 1.0)
    rails (3.0.20)
      actionmailer (= 3.0.20)
      actionpack (= 3.0.20)
      activerecord (= 3.0.20)
      activeresource (= 3.0.20)
      activesupport (= 3.0.20)
      bundler (~> 1.0)
      railties (= 3.0.20)
    railties (3.0.20)
      actionpack (= 3.0.20)
      activesupport (= 3.0.20)
      rake (>= 0.8.7)
      rdoc (~> 3.4)
      thor (~> 0.14.4)
    rake (13.0.6)
    rdoc (3.12.2)
      json (~> 1.4)
    refinerycms (1.0.9)
      bundler (~> 1.0)
      refinerycms-authentication (= 1.0.9)
      refinerycms-base (= 1.0.9)
      refinerycms-core (= 1.0.9)
      refinerycms-dashboard (= 1.0.9)
      refinerycms-images (= 1.0.9)
      refinerycms-pages (= 1.0.9)
      refinerycms-resources (= 1.0.9)
      refinerycms-settings (= 1.0.9)
    refinerycms-authentication (1.0.9)
      activerecord (~> 3.0.10)
      devise (~> 1.4.3)
      friendly_id_globalize3 (~> 3.2.1)
      refinerycms-core (= 1.0.9)
    refinerycms-base (1.0.9)
    refinerycms-core (1.0.9)
      acts_as_indexed (~> 0.7)
      awesome_nested_set (~> 2.0)
      friendly_id_globalize3 (~> 3.2.1)
      globalize3 (~> 0.1)
      rails (~> 3.0.10)
      refinerycms-base (= 1.0.9)
      refinerycms-generators (~> 1.0)
      refinerycms-settings (= 1.0.9)
      truncate_html (~> 0.5)
      will_paginate (~> 3.0.0)
    refinerycms-dashboard (1.0.9)
      refinerycms-core (= 1.0.9)
    refinerycms-generators (1.0.4)
    refinerycms-images (1.0.9)
      activerecord (~> 3.0.10)
      dragonfly (~> 0.9.0)
      rack-cache (>= 0.5.3)
      refinerycms-core (= 1.0.9)
    refinerycms-pages (1.0.9)
      activerecord (~> 3.0.10)
      awesome_nested_set (~> 2.0)
      friendly_id_globalize3 (~> 3.2.1)
      globalize3 (~> 0.1)
      refinerycms-core (= 1.0.9)
      seo_meta (~> 1.1)
    refinerycms-resources (1.0.9)
      activerecord (~> 3.0.10)
      dragonfly (~> 0.9.0)
      rack-cache (>= 0.5.3)
      refinerycms-core (= 1.0.9)
    refinerycms-settings (1.0.9)
      activerecord (~> 3.0.10)
      refinerycms-base (= 1.0.9)
    ruby-debug-base19 (0.11.25)
      columnize (>= 0.3.1)
      linecache19 (>= 0.5.11)
      ruby_core_source (>= 0.1.4)
    ruby-debug19 (0.11.6)
      columnize (>= 0.3.1)
      linecache19 (>= 0.5.11)
      ruby-debug-base19 (>= 0.11.19)
    ruby_core_source (0.1.5)
      archive-tar-minitar (>= 0.5.2)
    seo_meta (1.1.1)
      refinerycms-generators (~> 1.0.1)
    thor (0.14.6)
    treetop (1.4.15)
      polyglot
      polyglot (>= 0.3.1)
    truncate_html (0.9.3)
    tzinfo (0.3.60)
    warden (1.0.6)
      rack (>= 1.0)
    will_paginate (3.0.12)

PLATFORMS
  ruby

DEPENDENCIES
  minitest
  refinerycms
  ruby-debug19
