GEM
  remote: http://rubygems.org/
  specs:
    addressable (2.2.6)
    chimps (0.3.6)
      addressable
      configliere (>= 0.3.2)
      json
      rest-client (>= 1.6.1)
    columnize (0.3.4)
    configliere (0.4.8)
      json
    domain_name (0.5.20190701)
      unf (>= 0.0.5, < 1.0.0)
    http-accept (1.7.0)
    http-cookie (1.0.5)
      domain_name (~> 0.5)
    json (1.6.1)
    linecache (0.46)
      rbx-require-relative (> 0.0.4)
    mime-types (3.4.1)
      mime-types-data (~> 3.2015)
    mime-types-data (3.2022.0105)
    netrc (0.11.0)
    rbx-require-relative (0.0.5)
    rest-client (2.1.0)
      http-accept (>= 1.7.0, < 2.0)
      http-cookie (>= 1.0.2, < 2.0)
      mime-types (>= 1.16, < 4.0)
      netrc (~> 0.8)
    ruby-debug (0.10.4)
      columnize (>= 0.1)
      ruby-debug-base (~> 0.10.4.0)
    ruby-debug-base (0.10.4)
      linecache (>= 0.3)
    unf (0.1.4)
      unf_ext
    unf_ext (0.0.8.2)

PLATFORMS
  ruby

DEPENDENCIES
  chimps
  ruby-debug
